PATH
  remote: .
  specs:
    jekyll-fontawesome-svg (0.3.4)

GEM
  remote: https://rubygems.org/
  specs:
    diff-lcs (1.5.0)
    liquid (4.0.4)
    rake (13.0.6)
    rspec (3.12.0)
      rspec-core (~> 3.12.0)
      rspec-expectations (~> 3.12.0)
      rspec-mocks (~> 3.12.0)
    rspec-core (3.12.0)
      rspec-support (~> 3.12.0)
    rspec-expectations (3.12.0)
      diff-lcs (>= 1.2.0, < 2.0)
      rspec-support (~> 3.12.0)
    rspec-mocks (3.12.0)
      diff-lcs (>= 1.2.0, < 2.0)
      rspec-support (~> 3.12.0)
    rspec-support (3.12.0)

PLATFORMS
  ruby

DEPENDENCIES
  bundler (~> 2.0)
  jekyll-fontawesome-svg!
  liquid
  rake (~> 13.0)
  rspec (~> 3.0)

BUNDLED WITH
   2.0.2
